PATH
  remote: .
  specs:
    dinero_mail_ipn (2.0.3)
      chronic
      httparty (~> 0.13.0)
      nokogiri (~> 1.6.0)

GEM
  remote: https://rubygems.org/
  specs:
    chronic (0.10.2)
    coderay (1.1.0)
    fakeweb (1.3.0)
    httparty (0.13.3)
      json (~> 1.8)
      multi_xml (>= 0.5.2)
    json (1.8.1)
    method_source (0.8.2)
    mini_portile (0.6.1)
    multi_xml (0.5.5)
    nokogiri (1.6.5)
      mini_portile (~> 0.6.0)
    pry (0.10.1)
      coderay (~> 1.1.0)
      method_source (~> 0.8.1)
      slop (~> 3.4)
    rake (10.4.2)
    redcarpet (2.0.1)
    shoulda (2.11.3)
    slop (3.6.0)
    yard (0.7.5)

PLATFORMS
  ruby

DEPENDENCIES
  dinero_mail_ipn!
  fakeweb (~> 1.3.0)
  pry
  rake
  redcarpet (~> 2.0.1)
  shoulda (~> 2.11.3)
  yard (~> 0.7.4)
